GEM
  remote: https://rubygems.org/
  specs:
    base64 (0.2.0)
    cloud_events (0.7.0)
    functions_framework (1.5.0)
      cloud_events (>= 0.7.0, < 2.a)
      puma (< 7.a, >= 4.3.0)
      rack (< 4.a, >= 2.1)
    nio4r (2.5.8)
    puma (5.6.5)
      nio4r (~> 2.0)
    rack (2.2.6.4)

PLATFORMS
  ruby
  x86_64-linux

DEPENDENCIES
  base64 (~> 0.2)
  functions_framework (~> 1.5)

BUNDLED WITH
   2.4.6
